PATH
  remote: .
  specs:
    chelsea (0.0.17)
      bundler (>= 1.2.0, < 3)
      ox (~> 2.13.2)
      pastel (~> 0.7.2)
      rest-client (~> 2.0.2)
      slop (~> 4.8.1)
      tty-font (~> 0.5.0)
      tty-spinner (~> 0.9.3)

GEM
  remote: https://rubygems.org/
  specs:
    addressable (2.7.0)
      public_suffix (>= 2.0.2, < 5.0)
    byebug (11.1.2)
    crack (0.4.3)
      safe_yaml (~> 1.0.0)
    diff-lcs (1.3)
    domain_name (0.5.20190701)
      unf (>= 0.0.5, < 1.0.0)
    equatable (0.6.1)
    hashdiff (1.0.1)
    http-cookie (1.0.3)
      domain_name (~> 0.5)
    mime-types (3.3.1)
      mime-types-data (~> 3.2015)
    mime-types-data (3.2020.0512)
    netrc (0.11.0)
    ox (2.13.2)
    pastel (0.7.4)
      equatable (~> 0.6)
      tty-color (~> 0.5)
    public_suffix (4.0.3)
    rake (12.3.3)
    rest-client (2.0.2)
      http-cookie (>= 1.0.2, < 2.0)
      mime-types (>= 1.16, < 4.0)
      netrc (~> 0.8)
    rspec (3.9.0)
      rspec-core (~> 3.9.0)
      rspec-expectations (~> 3.9.0)
      rspec-mocks (~> 3.9.0)
    rspec-core (3.9.1)
      rspec-support (~> 3.9.1)
    rspec-expectations (3.9.1)
      diff-lcs (>= 1.2.0, < 2.0)
      rspec-support (~> 3.9.0)
    rspec-mocks (3.9.1)
      diff-lcs (>= 1.2.0, < 2.0)
      rspec-support (~> 3.9.0)
    rspec-support (3.9.2)
    rspec_junit_formatter (0.4.1)
      rspec-core (>= 2, < 4, != 2.12.0)
    safe_yaml (1.0.5)
    slop (4.8.1)
    tty-color (0.5.1)
    tty-cursor (0.7.1)
    tty-font (0.5.0)
    tty-spinner (0.9.3)
      tty-cursor (~> 0.7)
    unf (0.1.4)
      unf_ext
    unf_ext (0.0.7.7)
    webmock (3.8.3)
      addressable (>= 2.3.6)
      crack (>= 0.3.2)
      hashdiff (>= 0.4.0, < 2.0.0)

PLATFORMS
  ruby

DEPENDENCIES
  byebug (~> 11.1.2)
  chelsea!
  rake (~> 12.3)
  rspec (~> 3.0)
  rspec_junit_formatter (~> 0.4.1)
  webmock (~> 3.8.3)

BUNDLED WITH
   2.1.4
